GEM
  remote: https://rubygems.org/
  specs:
    thor (0.16.0)

PLATFORMS
  x86-mingw32

DEPENDENCIES
  thor
